GEM
  remote: https://rubygems.org/
  specs:
    minitest (5.11.3)
    switches.rb (0.9.15)

PLATFORMS
  ruby

DEPENDENCIES
  minitest
  switches.rb

BUNDLED WITH
   1.16.2
