GEM
  remote: https://rubygems.org/
  specs:
    coderay (1.1.3)
    method_source (1.0.0)
    minitest (5.20.0)
    pry (0.14.2)
      coderay (~> 1.1)
      method_source (~> 1.0)
    switches.rb (0.9.15)

PLATFORMS
  arm64-darwin-22

DEPENDENCIES
  minitest
  pry
  switches.rb

BUNDLED WITH
   2.4.22
